GEM
  remote: http://rubygems.org/
  specs:
    radix (2.0.1)

PLATFORMS
  ruby

DEPENDENCIES
  radix
